GEM
  remote: https://rubygems.org/
  specs:
    json_pure (1.6.8)
    nokogiri (1.5.9-x86-mingw32)
    rack (1.5.2)
    rack-protection (1.5.0)
      rack
    sinatra (1.4.2)
      rack (~> 1.5, >= 1.5.2)
      rack-protection (~> 1.4)
      tilt (~> 1.3, >= 1.3.4)
    tilt (1.3.7)

PLATFORMS
  x86-mingw32

DEPENDENCIES
  json_pure
  nokogiri
  sinatra
