GEM
  remote: https://rubygems.org/
  specs:
    diff-lcs (1.2.5)
    nokogiri (1.5.9)
    nokogiri (1.5.9-java)
    nokogiri (1.5.9-x86-mingw32)
    rack (1.5.2)
    rack-protection (1.5.0)
      rack
    rack-test (0.6.2)
      rack (>= 1.0)
    rake (10.0.3)
    rspec (2.14.1)
      rspec-core (~> 2.14.0)
      rspec-expectations (~> 2.14.0)
      rspec-mocks (~> 2.14.0)
    rspec-core (2.14.7)
    rspec-expectations (2.14.4)
      diff-lcs (>= 1.1.3, < 2.0)
    rspec-mocks (2.14.4)
    sinatra (1.4.2)
      rack (~> 1.5, >= 1.5.2)
      rack-protection (~> 1.4)
      tilt (~> 1.3, >= 1.3.4)
    tilt (1.3.7)

PLATFORMS
  java
  ruby
  x86-mingw32

DEPENDENCIES
  nokogiri
  rack-test
  rake
  rspec
  sinatra
